PATH
  remote: .
  specs:
    reactive_resource (0.0.1)

GEM
  remote: http://rubygems.org/
  specs:

PLATFORMS
  ruby

DEPENDENCIES
  reactive_resource!
